GIT
  remote: git://github.com/arsduo/rack-offline.git
  revision: e057754a3aede50e6e779730144d29a2a9a17b08
  specs:
    rack-offline (0.6.1)

GIT
  remote: git://github.com/brianhempel/mongo_session_store.git
  revision: 1d503f13f46a88a4135482c2b12026b1e23f0a15
  specs:
    mongo_session_store (2.1.0)
      actionpack (~> 3.0)

GIT
  remote: https://github.com/nmerouze/machinist_mongo.git
  revision: fa4819c4e1233a4e3ce527b68af8aeee85dfc6c3
  branch: machinist2
  specs:
    machinist_mongo (2.0.0.beta.1)
      machinist (~> 2.0.0.beta2)

GEM
  remote: http://rubygems.org/
  specs:
    POpen4 (0.1.4)
      Platform (>= 0.4.0)
      open4
    Platform (0.4.0)
    ZenTest (4.5.0)
    abstract (1.0.0)
    actionmailer (3.0.7)
      actionpack (= 3.0.7)
      mail (~> 2.2.15)
    actionpack (3.0.7)
      activemodel (= 3.0.7)
      activesupport (= 3.0.7)
      builder (~> 2.1.2)
      erubis (~> 2.6.6)
      i18n (~> 0.5.0)
      rack (~> 1.2.1)
      rack-mount (~> 0.6.14)
      rack-test (~> 0.5.7)
      tzinfo (~> 0.3.23)
    activemodel (3.0.7)
      activesupport (= 3.0.7)
      builder (~> 2.1.2)
      i18n (~> 0.5.0)
    activerecord (3.0.7)
      activemodel (= 3.0.7)
      activesupport (= 3.0.7)
      arel (~> 2.0.2)
      tzinfo (~> 0.3.23)
    activeresource (3.0.7)
      activemodel (= 3.0.7)
      activesupport (= 3.0.7)
    activesupport (3.0.7)
    arel (2.0.10)
    autotest (4.4.6)
      ZenTest (>= 4.4.1)
    autotest-fsevent (0.2.5)
      sys-uname
    autotest-growl (0.2.9)
    autotest-rails (4.1.0)
      ZenTest
    barista (1.0.0)
      coffee-script (~> 2.1.1)
    bcrypt-ruby (2.1.4)
    bson (1.3.1)
    bson_ext (1.3.1)
    builder (2.1.2)
    childprocess (0.1.9)
      ffi (~> 1.0.6)
    closure-compiler (1.1.1)
    coffee-script (2.1.3)
      coffee-script-source
    coffee-script-source (1.1.1)
    devise (1.3.4)
      bcrypt-ruby (~> 2.1.2)
      orm_adapter (~> 0.0.3)
      warden (~> 1.0.3)
    diff-lcs (1.1.2)
    erubis (2.6.6)
      abstract (>= 1.0.0)
    exception_notification (2.4.0)
    faker (0.9.5)
      i18n (~> 0.4)
    ffi (1.0.9)
    i18n (0.5.0)
    jammit (0.6.0)
      closure-compiler (>= 0.1.0)
      yui-compressor (>= 0.9.1)
    jasmine (1.0.2.1)
      json_pure (>= 1.4.3)
      rack (>= 1.1)
      rspec (>= 1.3.1)
      selenium-webdriver (>= 0.1.3)
    jquery-rails (1.0.7)
      railties (~> 3.0)
      thor (~> 0.14)
    json (1.5.3)
    json_pure (1.5.1)
    machinist (2.0.0.beta2)
    mail (2.2.19)
      activesupport (>= 2.3.6)
      i18n (>= 0.4.0)
      mime-types (~> 1.16)
      treetop (~> 1.4.8)
    mime-types (1.16)
    mocha (0.9.12)
    mongo (1.3.1)
      bson (>= 1.3.1)
    mongoid (2.0.2)
      activemodel (~> 3.0)
      mongo (~> 1.3)
      tzinfo (~> 0.3.22)
    open4 (1.0.1)
    orm_adapter (0.0.5)
    perftools.rb (0.5.6)
    polyglot (0.3.1)
    rack (1.2.1)
    rack-mobile-detect (0.3.0)
      rack
    rack-mount (0.6.14)
      rack (>= 1.0.0)
    rack-perftools_profiler (0.4.1)
      open4 (~> 1.0)
      perftools.rb (~> 0.5)
      rack (~> 1.0)
    rack-test (0.5.7)
      rack (>= 1.0)
    rails (3.0.7)
      actionmailer (= 3.0.7)
      actionpack (= 3.0.7)
      activerecord (= 3.0.7)
      activeresource (= 3.0.7)
      activesupport (= 3.0.7)
      bundler (~> 1.0)
      railties (= 3.0.7)
    railties (3.0.7)
      actionpack (= 3.0.7)
      activesupport (= 3.0.7)
      rake (>= 0.8.7)
      thor (~> 0.14.4)
    rake (0.8.7)
    remarkable (4.0.0.alpha4)
      rspec (>= 2.0.0.alpha11)
    remarkable_activemodel (4.0.0.alpha4)
      remarkable (~> 4.0.0.alpha4)
      rspec (>= 2.0.0.alpha11)
    remarkable_mongoid (0.6.0)
      remarkable_activemodel (~> 4.0.0.alpha4)
    rspec (2.5.0)
      rspec-core (~> 2.5.0)
      rspec-expectations (~> 2.5.0)
      rspec-mocks (~> 2.5.0)
    rspec-core (2.5.2)
    rspec-expectations (2.5.0)
      diff-lcs (~> 1.1.2)
    rspec-mocks (2.5.0)
    rspec-rails (2.5.0)
      actionpack (~> 3.0)
      activesupport (~> 3.0)
      railties (~> 3.0)
      rspec (~> 2.5.0)
    ruby-prof (0.10.7)
    rubyzip (0.9.4)
    selenium-webdriver (0.2.0)
      childprocess (>= 0.1.7)
      ffi (>= 1.0.7)
      json_pure
      rubyzip
    slim (0.9.4)
      temple (~> 0.3.0)
      tilt (~> 1.2)
    sys-uname (0.8.5)
    temple (0.3.0)
    therubyracer (0.8.1)
    therubyracer-heroku (0.8.1.pre3)
    thor (0.14.6)
    tilt (1.3.1)
    treetop (1.4.9)
      polyglot (>= 0.3.1)
    typhoeus (0.2.4)
      mime-types
      mime-types
    tzinfo (0.3.27)
    warden (1.0.4)
      rack (>= 1.0)
    wirble (0.1.3)
    yui-compressor (0.9.6)
      POpen4 (>= 0.1.4)

PLATFORMS
  ruby

DEPENDENCIES
  ZenTest
  autotest
  autotest-fsevent
  autotest-growl
  autotest-rails
  barista
  bson_ext (>= 1.2.0)
  coffee-script
  devise (~> 1.2)
  exception_notification
  faker
  jammit
  jasmine
  jquery-rails (>= 0.2.6)
  json
  machinist (>= 2.0.0.beta2)
  machinist_mongo!
  mocha
  mongo (>= 1.3.0)
  mongo_session_store!
  mongoid (>= 2.0.0)
  rack (= 1.2.1)
  rack-mobile-detect
  rack-offline!
  rack-perftools_profiler
  rails (~> 3.0)
  rake (~> 0.8.7)
  remarkable (>= 4.0.0.alpha2)
  remarkable_activemodel (>= 4.0.0.alpha2)
  remarkable_mongoid
  rspec (~> 2.5.0)
  rspec-rails
  ruby-prof
  slim
  therubyracer
  therubyracer-heroku
  typhoeus
  wirble
